GEM
  remote: https://rubygems.org/
  specs:
    puma (3.8.2)
    rack (2.0.3)

PLATFORMS
  ruby

DEPENDENCIES
  puma
  rack

RUBY VERSION
   ruby 2.3.1p112

BUNDLED WITH
   1.14.6
